GEM
  remote: https://rubygems.org/
  specs:
    require_all (1.5.0)

PLATFORMS
  ruby

DEPENDENCIES
  require_all

BUNDLED WITH
   1.16.1
