PATH
  remote: .
  specs:
    star-wars-comics (0.9.0)

GEM
  remote: https://rubygems.org/
  specs:

PLATFORMS
  ruby

DEPENDENCIES
  star-wars-comics!

BUNDLED WITH
   1.16.1
