GEM
  remote: https://rubygems.org/
  specs:
    coderay (1.1.2)
    highline (1.7.10)
    method_source (0.9.0)
    mini_portile2 (2.3.0)
    nokogiri (1.8.1)
      mini_portile2 (~> 2.3.0)
    pry (0.11.3)
      coderay (~> 1.1.0)
      method_source (~> 0.9.0)
    require_all (1.5.0)

PLATFORMS
  ruby

DEPENDENCIES
  highline
  nokogiri
  pry
  require_all

BUNDLED WITH
   1.16.1
